GIT
  remote: git://github.com/modeset/cmsimple.git
  revision: c01797c3cf8b0de77edf881d35d7c235b326a378
  specs:
    cmsimple (0.2.3)
      carrierwave (~> 0.5.8)
      cells (~> 3.8)
      coffee-script-source (~> 1.2.0)
      dimensions
      haml (~> 3.1.6)
      haml-rails (= 0.3.4)
      haml_coffee_assets (~> 0.9.2)
      jquery-rails
      mercury-rails
      mini_magick
      rails (~> 3.2.1)
      spine-rails (~> 0.1)

GIT
  remote: git://github.com/modeset/utensils.git
  revision: f655ce5261ed0a589ede5561d99e3b626499489c
  specs:
    utensils (0.0.1)
      bourbon
      coffee-rails
      normalize-rails
      railties (>= 3.2.5)
      sass-rails

GEM
  remote: https://rubygems.org/
  specs:
    actionmailer (3.2.12)
      actionpack (= 3.2.12)
      mail (~> 2.4.4)
    actionpack (3.2.12)
      activemodel (= 3.2.12)
      activesupport (= 3.2.12)
      builder (~> 3.0.0)
      erubis (~> 2.7.0)
      journey (~> 1.0.4)
      rack (~> 1.4.5)
      rack-cache (~> 1.2)
      rack-test (~> 0.6.1)
      sprockets (~> 2.2.1)
    activemodel (3.2.12)
      activesupport (= 3.2.12)
      builder (~> 3.0.0)
    activerecord (3.2.12)
      activemodel (= 3.2.12)
      activesupport (= 3.2.12)
      arel (~> 3.0.2)
      tzinfo (~> 0.3.29)
    activeresource (3.2.12)
      activemodel (= 3.2.12)
      activesupport (= 3.2.12)
    activesupport (3.2.12)
      i18n (~> 0.6)
      multi_json (~> 1.0)
    arel (3.0.2)
    better_errors (0.7.2)
      coderay (>= 1.0.0)
      erubis (>= 2.6.6)
    binding_of_caller (0.7.1)
      debug_inspector (>= 0.0.1)
    bourbon (3.1.1)
      sass (>= 3.2.0)
      thor
    builder (3.0.4)
    carrierwave (0.5.8)
      activesupport (~> 3.0)
    cells (3.8.8)
      actionpack (>= 3.0)
      railties (>= 3.0)
    coderay (1.0.9)
    coffee-rails (3.2.2)
      coffee-script (>= 2.2.0)
      railties (~> 3.2.0)
    coffee-script (2.2.0)
      coffee-script-source
      execjs
    coffee-script-source (1.2.0)
    debug_inspector (0.0.2)
    dimensions (1.2.0)
    erubis (2.7.0)
    execjs (1.4.0)
      multi_json (~> 1.0)
    guard (1.6.2)
      listen (>= 0.6.0)
      lumberjack (>= 1.0.2)
      pry (>= 0.9.10)
      terminal-table (>= 1.4.3)
      thor (>= 0.14.6)
    guard-teabag (0.0.2)
      guard (>= 1.6.1)
      teabag (>= 0.5.3)
    haml (3.1.8)
    haml-rails (0.3.4)
      actionpack (~> 3.0)
      activesupport (~> 3.0)
      haml (~> 3.0)
      railties (~> 3.0)
    haml_coffee_assets (0.9.5)
      execjs (>= 1.2.9)
      sprockets (>= 2.0.3)
      tilt (>= 1.3.3)
    hike (1.2.1)
    i18n (0.6.4)
    journey (1.0.4)
    jquery-rails (2.2.1)
      railties (>= 3.0, < 5.0)
      thor (>= 0.14, < 2.0)
    jquery-rails-cdn (0.3.0)
      jquery-rails
    json (1.7.7)
    listen (0.7.3)
    lodash-rails (1.0.1)
      railties (~> 3.1)
    lumberjack (1.0.2)
    mail (2.4.4)
      i18n (>= 0.4.0)
      mime-types (~> 1.16)
      treetop (~> 1.4.8)
    mercury-rails (0.9.0)
      coffee-rails
      railties (~> 3.2)
    method_source (0.8.1)
    mime-types (1.21)
    mini_magick (3.5.0)
      subexec (~> 0.2.1)
    multi_json (1.6.1)
    navigasmic (1.0.4)
      railties (~> 3.2)
    normalize-rails (2.0.1)
    pg (0.14.1)
    phantomjs-mac (0.0.3)
    phantomjs.rb (0.0.5)
      phantomjs-mac
    polyglot (0.3.3)
    pry (0.9.12)
      coderay (~> 1.0.5)
      method_source (~> 0.8)
      slop (~> 3.4)
    rack (1.4.5)
    rack-cache (1.2)
      rack (>= 0.4)
    rack-ssl (1.3.3)
      rack
    rack-test (0.6.2)
      rack (>= 1.0)
    rails (3.2.12)
      actionmailer (= 3.2.12)
      actionpack (= 3.2.12)
      activerecord (= 3.2.12)
      activeresource (= 3.2.12)
      activesupport (= 3.2.12)
      bundler (~> 1.0)
      railties (= 3.2.12)
    railties (3.2.12)
      actionpack (= 3.2.12)
      activesupport (= 3.2.12)
      rack-ssl (~> 1.3.2)
      rake (>= 0.8.7)
      rdoc (~> 3.4)
      thor (>= 0.14.6, < 2.0)
    rake (10.0.3)
    rb-fsevent (0.9.3)
    rdoc (3.12.2)
      json (~> 1.4)
    sass (3.2.7)
    sass-rails (3.2.6)
      railties (~> 3.2.0)
      sass (>= 3.1.10)
      tilt (~> 1.3)
    slop (3.4.3)
    spine-rails (0.1.0)
      rails (>= 3.1.0)
    sprockets (2.2.2)
      hike (~> 1.2)
      multi_json (~> 1.0)
      rack (~> 1.0)
      tilt (~> 1.1, != 1.3.0)
    subexec (0.2.2)
    teabag (0.6.0)
      phantomjs.rb (~> 0.0.5)
      railties (>= 3.2.5, < 5)
    terminal-notifier-guard (1.5.3)
    terminal-table (1.4.5)
    thor (0.17.0)
    tilt (1.3.5)
    treetop (1.4.12)
      polyglot
      polyglot (>= 0.3.1)
    tzinfo (0.3.36)
    uglifier (1.3.0)
      execjs (>= 0.3.0)
      multi_json (~> 1.0, >= 1.0.2)

PLATFORMS
  ruby

DEPENDENCIES
  better_errors
  binding_of_caller
  bourbon
  cmsimple!
  coffee-rails
  guard-teabag
  haml-rails
  jquery-rails
  jquery-rails-cdn
  lodash-rails
  mercury-rails (~> 0.9.0)
  navigasmic
  pg
  pry
  rails (= 3.2.12)
  rb-fsevent
  sass-rails
  teabag
  terminal-notifier-guard
  uglifier
  utensils!
